GEM
  remote: https://rubygems.org/
  specs:
    exifr (1.1.3)
    fspath (2.1.0)
    image_optim (0.13.3)
      exifr (~> 1.1.3)
      fspath (~> 2.1.0)
      image_size (~> 1.3.0)
      in_threads (~> 1.2.0)
      progress (~> 3.0.0)
    image_size (1.3.0)
    in_threads (1.2.1)
    progress (3.0.0)
    sass (3.3.8)

PLATFORMS
  ruby

DEPENDENCIES
  image_optim
  sass
